GEM
  remote: http://rubygems.org/
  specs:
    activesupport (3.0.9)
    crack (0.1.8)
    diff-lcs (1.1.2)
    erubis (2.7.0)
    gemstub (2.0.4)
      activesupport (>= 3.0.0)
      genosaurus
      mark_facets
      rspec (>= 2.0.0)
    genosaurus (1.2.4)
      erubis
    hashie (1.0.0)
    httparty (0.7.8)
      crack (= 0.1.8)
    i18n (0.6.0)
    mark_facets (0.2.0)
      hashie
    rake (0.9.2)
    rspec (2.6.0)
      rspec-core (~> 2.6.0)
      rspec-expectations (~> 2.6.0)
      rspec-mocks (~> 2.6.0)
    rspec-core (2.6.4)
    rspec-expectations (2.6.0)
      diff-lcs (~> 1.1.2)
    rspec-mocks (2.6.0)

PLATFORMS
  ruby

DEPENDENCIES
  activesupport (>= 3.0.0)
  gemstub (>= 2.0.0)
  httparty
  i18n
  rake
  rspec (>= 2.0.0)
